PATH
  remote: .
  specs:
    marc_wrangler (0.1.2)
      enhanced_marc (~> 0.3.2)
      highline (~> 2.0.1)
      marc (~> 1.0.2)

GEM
  remote: https://rubygems.org/
  specs:
    diff-lcs (1.3)
    enhanced_marc (0.3.2)
      locale
      marc
    highline (2.0.2)
    locale (2.1.2)
    marc (1.0.4)
      scrub_rb (>= 1.0.1, < 2)
      unf
    rake (10.5.0)
    rspec (3.8.0)
      rspec-core (~> 3.8.0)
      rspec-expectations (~> 3.8.0)
      rspec-mocks (~> 3.8.0)
    rspec-core (3.8.0)
      rspec-support (~> 3.8.0)
    rspec-expectations (3.8.2)
      diff-lcs (>= 1.2.0, < 2.0)
      rspec-support (~> 3.8.0)
    rspec-mocks (3.8.0)
      diff-lcs (>= 1.2.0, < 2.0)
      rspec-support (~> 3.8.0)
    rspec-support (3.8.0)
    scrub_rb (1.0.1)
    unf (0.1.4)
      unf_ext
    unf_ext (0.0.7.6)

PLATFORMS
  ruby

DEPENDENCIES
  bundler (~> 1.16)
  marc_wrangler!
  rake (~> 10.0)
  rspec (~> 3.0)

BUNDLED WITH
   1.16.2
